GEM
  remote: https://rubygems.org/
  specs:
    activesupport (7.0.4)
      concurrent-ruby (~> 1.0, >= 1.0.2)
      i18n (>= 1.6, < 2)
      minitest (>= 5.1)
      tzinfo (~> 2.0)
    adsf (1.4.6)
      rack (>= 1.0.0, < 3.0.0)
    builder (3.2.4)
    chunky_png (1.3.12)
    compass (1.0.3)
      chunky_png (~> 1.2)
      compass-core (~> 1.0.2)
      compass-import-once (~> 1.0.5)
      rb-fsevent (>= 0.9.3)
      rb-inotify (>= 0.9)
      sass (>= 3.3.13, < 3.5)
    compass-core (1.0.3)
      multi_json (~> 1.0)
      sass (>= 3.3.0, < 3.5)
    compass-import-once (1.0.5)
      sass (>= 3.2, < 3.5)
    concurrent-ruby (1.1.10)
    ffi (1.13.1)
    htmlentities (4.3.4)
    i18n (1.8.5)
      concurrent-ruby (~> 1.0)
    kramdown (2.4.0)
      rexml
    mini_portile2 (2.8.0)
    minitest (5.16.3)
    multi_json (1.15.0)
    nanoc (3.0.9)
      nanoc3 (>= 3.0.9)
    nanoc3 (3.0.9)
    nokogiri (1.13.9)
      mini_portile2 (~> 2.8.0)
      racc (~> 1.4)
    pygments.rb (1.2.1)
      multi_json (>= 1.0.0)
    racc (1.6.0)
    rack (2.2.3)
    rb-fsevent (0.10.4)
    rb-inotify (0.10.1)
      ffi (~> 1.0)
    rexml (3.2.4)
    sass (3.4.25)
    stringex (2.8.5)
    tzinfo (2.0.5)
      concurrent-ruby (~> 1.0)

PLATFORMS
  ruby

DEPENDENCIES
  activesupport
  adsf
  builder
  compass
  htmlentities
  kramdown
  nanoc
  nokogiri
  pygments.rb
  stringex

BUNDLED WITH
   2.0.1
